GEM
  remote: http://rubygems.org/
  specs:
    activesupport (3.0.3)
    bson (1.2.0)
    bson_ext (1.2.0)
    builder (2.1.2)
    flickraw (0.8.3)
      json (>= 1.1.1)
    i18n (0.5.0)
    jnunemaker-validatable (1.8.4)
      activesupport (>= 2.3.4)
    json (1.4.6)
    mongo (1.2.0)
      bson (>= 1.2.0)
    mongo_mapper (0.8.6)
      activesupport (>= 2.3.4)
      jnunemaker-validatable (~> 1.8.4)
      plucky (~> 0.3.6)
    plucky (0.3.6)
      mongo (~> 1.1)
    rack (1.2.1)
    rack-mobile-detect (0.2.0)
      rack
    sinatra (1.1.2)
      rack (~> 1.1)
      tilt (~> 1.2)
    tilt (1.2.2)

PLATFORMS
  ruby

DEPENDENCIES
  bson_ext
  builder (= 2.1.2)
  flickraw
  i18n
  mongo_mapper
  rack-mobile-detect
  sinatra
